GEM
  remote: https://rubygems.org/
  specs:
    bitters (1.1.0)
      bourbon (>= 4.2)
      sass (>= 3.4)
      thor
    bourbon (4.2.6)
      sass (~> 3.4)
      thor (~> 0.19)
    neat (1.7.2)
      bourbon (>= 4.0)
      sass (>= 3.3)
    sass (3.4.19)
    thor (0.19.1)

PLATFORMS
  ruby

DEPENDENCIES
  bitters (~> 1.0)
  bourbon (~> 4.2)
  neat (~> 1.7)

BUNDLED WITH
   1.10.6
